GEM
  specs:

GEM
  remote: https://rubygems.org/
  specs:
    addressable (2.8.0)
      public_suffix (>= 2.0.2, < 5.0)
    amazing_print (1.3.0)
    builder (3.2.4)
    coderay (1.1.0)
    colorator (1.1.0)
    commaparty (0.0.2)
      nokogiri
    concurrent-ruby (1.1.9)
    connection_pool (2.2.5)
    ebnf (2.2.1)
      amazing_print (~> 1.2)
      htmlentities (~> 4.3)
      rdf (~> 3.1)
      scanf (~> 1.0)
      sxp (~> 1.1)
      unicode-types (~> 1.6)
    em-websocket (0.5.2)
      eventmachine (>= 0.12.9)
      http_parser.rb (~> 0.6.0)
    eventmachine (1.2.7)
    ffi (1.15.4)
    forwardable-extended (2.6.0)
    github-markup (1.4.0)
    haml (5.2.2)
      temple (>= 0.8.0)
      tilt
    hamster (3.0.0)
      concurrent-ruby (~> 1.0)
    htmlentities (4.3.4)
    http_parser.rb (0.6.0)
    i18n (1.8.10)
      concurrent-ruby (~> 1.0)
    jekyll (4.2.0)
      addressable (~> 2.4)
      colorator (~> 1.0)
      em-websocket (~> 0.5)
      i18n (~> 1.0)
      jekyll-sass-converter (~> 2.0)
      jekyll-watch (~> 2.0)
      kramdown (~> 2.3)
      kramdown-parser-gfm (~> 1.0)
      liquid (~> 4.0)
      mercenary (~> 0.4.0)
      pathutil (~> 0.9)
      rouge (~> 3.0)
      safe_yaml (~> 1.0)
      terminal-table (~> 2.0)
    jekyll-sass-converter (2.1.0)
      sassc (> 2.0.1, < 3.0)
    jekyll-watch (2.2.1)
      listen (~> 3.0)
    kramdown (2.3.1)
      rexml
    kramdown-parser-gfm (1.1.0)
      kramdown (~> 2.0)
    kramdown-syntax-coderay (1.0.1)
      coderay (~> 1.1)
      kramdown (~> 2.0)
    link_header (0.0.8)
    liquid (4.0.3)
    listen (3.7.0)
      rb-fsevent (~> 0.10, >= 0.10.3)
      rb-inotify (~> 0.9, >= 0.9.10)
    logger (1.4.3)
    mercenary (0.4.0)
    mini_portile2 (2.8.1)
    mustache (1.0.2)
    net-http-persistent (4.0.1)
      connection_pool (~> 2.2)
    nokogiri (1.14.3)
      mini_portile2 (~> 2.8.0)
      racc (~> 1.4)
    pathutil (0.16.2)
      forwardable-extended (~> 2.6)
    public_suffix (4.0.6)
    racc (1.6.2)
    rb-fsevent (0.11.0)
    rb-inotify (0.10.1)
      ffi (~> 1.0)
    rdf (3.1.15)
      hamster (~> 3.0)
      link_header (~> 0.0, >= 0.0.8)
    rdf-aggregate-repo (3.1.0)
      rdf (~> 3.1)
    rdf-rdfa (3.1.3)
      haml (~> 5.2)
      htmlentities (~> 4.3)
      rdf (~> 3.1, >= 3.1.13)
      rdf-aggregate-repo (~> 3.1)
      rdf-vocab (~> 3.1, >= 3.1.11)
      rdf-xsd (~> 3.1)
    rdf-turtle (3.1.3)
      ebnf (~> 2.1)
      rdf (~> 3.1, >= 3.1.8)
    rdf-vocab (3.1.14)
      rdf (~> 3.1, >= 3.1.12)
    rdf-xsd (3.1.1)
      rdf (~> 3.1)
      rexml (~> 3.2)
    rexml (3.2.5)
    rouge (3.26.1)
    safe_yaml (1.0.5)
    sassc (2.4.0)
      ffi (~> 1.9)
    scanf (1.0.0)
    sparql (3.1.8)
      builder (~> 3.2)
      ebnf (~> 2.1)
      logger (~> 1.4)
      rdf (~> 3.1, >= 3.1.14)
      rdf-aggregate-repo (~> 3.1)
      rdf-xsd (~> 3.1)
      sparql-client (~> 3.1, >= 3.1.2)
      sxp (~> 1.1)
    sparql-client (3.1.2)
      net-http-persistent (~> 4.0, >= 4.0.1)
      rdf (~> 3.1)
    sxp (1.1.0)
      rdf (~> 3.1)
    temple (0.8.2)
    terminal-table (2.0.0)
      unicode-display_width (~> 1.1, >= 1.1.1)
    tilt (2.0.10)
    unicode-display_width (1.8.0)
    unicode-types (1.7.0)

PLATFORMS
  ruby

DEPENDENCIES
  coderay (= 1.1.0)!
  commaparty (= 0.0.2)!
  github-markup (= 1.4.0)!
  jekyll (= 4.2.0)!
  kramdown-syntax-coderay (= 1.0.1)!
  mustache (= 1.0.2)!
  nokogiri (= 1.14.3)!
  rdf (= 3.1.15)!
  rdf-aggregate-repo (= 3.1.0)!
  rdf-rdfa (= 3.1.3)!
  rdf-turtle (= 3.1.3)!
  rdf-xsd (= 3.1.1)!
  sparql (= 3.1.8)!
  sparql-client (= 3.1.2)!

RUBY VERSION
   ruby 2.7.2p137

BUNDLED WITH
   2.1.4
